GIT
  remote: git://github.com/airblade/paper_trail.git
  revision: 6c7efd0ac557adfe7c403e6555bd99eee924c63e
  branch: master
  specs:
    paper_trail (3.0.3)
      activerecord (>= 3.0, < 5.0)
      activesupport (>= 3.0, < 5.0)

GIT
  remote: git://github.com/collectiveidea/awesome_nested_set.git
  revision: f823ffb304ccf5ca9c4f14b60ff1f45ad2c3f440
  branch: master
  specs:
    awesome_nested_set (3.0.0.rc.6)
      activerecord (>= 4.0.0, < 5)

GIT
  remote: git://github.com/norman/friendly_id-globalize.git
  revision: d0c4cf94e97311db7acb9858515adf501d160306
  branch: master
  specs:
    friendly_id-globalize (1.0.0.alpha1)
      friendly_id (>= 5.0.0.beta4, < 6.0)

GIT
  remote: git://github.com/norman/friendly_id.git
  revision: 97ed06e4d4c4c9a57117c1e1c3c85eba94682844
  branch: master
  specs:
    friendly_id (5.0.4)
      activerecord (>= 4.0.0)

GIT
  remote: git://github.com/parndt/seo_meta.git
  revision: c575efda84bb775694c32b13f9b446265c6b1e33
  branch: master
  specs:
    seo_meta (2.0.0.rc.1)
      railties (>= 3.0.0)

GIT
  remote: git://github.com/refinery/refinerycms-acts-as-indexed.git
  revision: 44ee42364a13389ba7ce3bb7371021cf388c64a6
  specs:
    refinerycms-acts-as-indexed (1.0.0)
      acts_as_indexed (~> 0.8.0)
      decorators (~> 1.0.0)
      refinerycms-core (~> 3.0.0.dev)

GIT
  remote: git://github.com/refinery/refinerycms-i18n.git
  revision: 30df3f08de591d24ec16b97b238af89240dfdda6
  branch: master
  specs:
    refinerycms-i18n (3.0.0.dev)
      rails-i18n (~> 4.0.1)
      routing-filter (>= 0.4.0.dev)

GIT
  remote: git://github.com/refinery/refinerycms.git
  revision: 47984b88a367c4fa8abe888f2bc8503931736a47
  branch: master
  specs:
    refinerycms (3.0.0)
      bundler (>= 1.2.2)
      refinerycms-authentication (= 3.0.0)
      refinerycms-core (= 3.0.0)
      refinerycms-dashboard (= 3.0.0)
      refinerycms-images (= 3.0.0)
      refinerycms-pages (= 3.0.0)
      refinerycms-resources (= 3.0.0)
    refinerycms-authentication (3.0.0)
      actionmailer (>= 4.0.2, < 4.2)
      devise (~> 3.0.2)
      friendly_id (>= 5.0.0.rc1)
      refinerycms-core (= 3.0.0)
    refinerycms-core (3.0.0)
      actionpack (>= 4.0.2, < 4.2)
      activerecord (>= 4.0.2, < 4.2)
      awesome_nested_set (~> 3.0.0.rc.3)
      coffee-rails (~> 4.0.0)
      decorators (~> 1.0.0)
      jquery-rails (>= 2.3.0)
      jquery-ui-rails (~> 4.1.1)
      railties (>= 4.0.2, < 4.2)
      refinerycms-i18n (~> 3.0.0.dev)
      sass-rails (~> 4.0.0)
      truncate_html (~> 0.9)
      will_paginate (~> 3.0.2)
    refinerycms-dashboard (3.0.0)
      refinerycms-core (= 3.0.0)
    refinerycms-images (3.0.0)
      dragonfly (~> 1.0.0)
      dragonfly-s3_data_store (~> 1.0.0)
      refinerycms-core (= 3.0.0)
    refinerycms-pages (3.0.0)
      awesome_nested_set (~> 3.0.0.rc.1)
      babosa (!= 0.3.6)
      friendly_id (~> 5.0.1)
      globalize (~> 4.0.0)
      refinerycms-core (= 3.0.0)
      seo_meta (~> 2.0.0.rc.1)
    refinerycms-resources (3.0.0)
      acts_as_indexed (~> 0.8.0)
      dragonfly (~> 1.0.0)
      dragonfly-s3_data_store (~> 1.0.0)
      refinerycms-core (= 3.0.0)

GEM
  remote: https://rubygems.org/
  specs:
    actionmailer (4.1.1)
      actionpack (= 4.1.1)
      actionview (= 4.1.1)
      mail (~> 2.5.4)
    actionpack (4.1.1)
      actionview (= 4.1.1)
      activesupport (= 4.1.1)
      rack (~> 1.5.2)
      rack-test (~> 0.6.2)
    actionview (4.1.1)
      activesupport (= 4.1.1)
      builder (~> 3.1)
      erubis (~> 2.7.0)
    activemodel (4.1.1)
      activesupport (= 4.1.1)
      builder (~> 3.1)
    activerecord (4.1.1)
      activemodel (= 4.1.1)
      activesupport (= 4.1.1)
      arel (~> 5.0.0)
    activesupport (4.1.1)
      i18n (~> 0.6, >= 0.6.9)
      json (~> 1.7, >= 1.7.7)
      minitest (~> 5.1)
      thread_safe (~> 0.1)
      tzinfo (~> 1.1)
    acts_as_indexed (0.8.3)
    arel (5.0.1.20140414130214)
    babosa (0.3.11)
    bcrypt (3.1.7)
    bcrypt-ruby (3.1.5)
      bcrypt (>= 3.1.3)
    bootstrap-sass (3.0.2.0)
      sass (~> 3.2)
    builder (3.2.2)
    coffee-rails (4.0.1)
      coffee-script (>= 2.2.0)
      railties (>= 4.0.0, < 5.0)
    coffee-script (2.2.0)
      coffee-script-source
      execjs
    coffee-script-source (1.7.0)
    decorators (1.0.3)
      railties (>= 3.0.19, != 3.2.9, != 3.2.8, != 3.2.7, != 3.2.6, != 3.2.5, != 3.2.4, != 3.2.3, != 3.2.2, != 3.2.10, != 3.2.1, != 3.2.0, != 3.1.9, != 3.1.8, != 3.1.7, != 3.1.6, != 3.1.5, != 3.1.4, != 3.1.3, != 3.1.2, != 3.1.1, != 3.1.0)
    devise (3.0.4)
      bcrypt-ruby (~> 3.0)
      orm_adapter (~> 0.1)
      railties (>= 3.2.6, < 5)
      warden (~> 1.2.3)
    dragonfly (1.0.5)
      multi_json (~> 1.0)
      rack
    dragonfly-s3_data_store (1.0.4)
      dragonfly (~> 1.0)
      fog
    erubis (2.7.0)
    excon (0.38.0)
    execjs (2.2.1)
    fog (1.22.1)
      fog-brightbox
      fog-core (~> 1.22)
      fog-json
      ipaddress (~> 0.5)
      nokogiri (~> 1.5, >= 1.5.11)
    fog-brightbox (0.1.1)
      fog-core (~> 1.22)
      fog-json
      inflecto
    fog-core (1.22.0)
      builder
      excon (~> 0.33)
      formatador (~> 0.2)
      mime-types
      net-scp (~> 1.1)
      net-ssh (>= 2.1.3)
    fog-json (1.0.0)
      multi_json (~> 1.0)
    formatador (0.2.5)
    globalize (4.0.2)
      activemodel (>= 4.0.0, < 5)
      activerecord (>= 4.0.0, < 5)
    hike (1.2.3)
    i18n (0.6.11)
    inflecto (0.0.2)
    ipaddress (0.8.0)
    jbuilder (2.1.2)
      activesupport (>= 3.0.0, < 5)
      multi_json (~> 1.2)
    jquery-rails (3.1.1)
      railties (>= 3.0, < 5.0)
      thor (>= 0.14, < 2.0)
    jquery-ui-rails (4.1.2)
      railties (>= 3.1.0)
    json (1.8.1)
    kgio (2.9.2)
    mail (2.5.4)
      mime-types (~> 1.16)
      treetop (~> 1.4.8)
    mime-types (1.25.1)
    mina (0.3.0)
      open4
      rake
    mini_portile (0.6.0)
    minitest (5.4.0)
    multi_json (1.10.1)
    mysql2 (0.3.16)
    net-scp (1.2.1)
      net-ssh (>= 2.6.5)
    net-ssh (2.9.1)
    nokogiri (1.6.2.1)
      mini_portile (= 0.6.0)
    open4 (1.3.4)
    orm_adapter (0.5.0)
    polyglot (0.3.5)
    quiet_assets (1.0.3)
      railties (>= 3.1, < 5.0)
    rack (1.5.2)
    rack-test (0.6.2)
      rack (>= 1.0)
    rails (4.1.1)
      actionmailer (= 4.1.1)
      actionpack (= 4.1.1)
      actionview (= 4.1.1)
      activemodel (= 4.1.1)
      activerecord (= 4.1.1)
      activesupport (= 4.1.1)
      bundler (>= 1.3.0, < 2.0)
      railties (= 4.1.1)
      sprockets-rails (~> 2.0)
    rails-i18n (4.0.2)
      i18n (~> 0.6)
      rails (>= 4.0)
    railties (4.1.1)
      actionpack (= 4.1.1)
      activesupport (= 4.1.1)
      rake (>= 0.8.7)
      thor (>= 0.18.1, < 2.0)
    rainbows (4.6.2)
      kgio (~> 2.5)
      rack (~> 1.1)
      unicorn (~> 4.8)
    raindrops (0.13.0)
    rake (10.3.2)
    rdoc (4.1.1)
      json (~> 1.4)
    refinerycms-wymeditor (1.0.0)
      refinerycms-core (~> 3.0, >= 3.0.0)
    routing-filter (0.4.0.pre)
      actionpack
    sass (3.2.19)
    sass-rails (4.0.3)
      railties (>= 4.0.0, < 5.0)
      sass (~> 3.2.0)
      sprockets (~> 2.8, <= 2.11.0)
      sprockets-rails (~> 2.0)
    sdoc (0.4.0)
      json (~> 1.8)
      rdoc (~> 4.0, < 5.0)
    settingslogic (2.0.9)
    spring (1.1.3)
    sprockets (2.11.0)
      hike (~> 1.2)
      multi_json (~> 1.0)
      rack (~> 1.0)
      tilt (~> 1.1, != 1.3.0)
    sprockets-rails (2.1.3)
      actionpack (>= 3.0)
      activesupport (>= 3.0)
      sprockets (~> 2.8)
    sqlite3 (1.3.9)
    thor (0.19.1)
    thread_safe (0.3.4)
    tilt (1.4.1)
    treetop (1.4.15)
      polyglot
      polyglot (>= 0.3.1)
    truncate_html (0.9.2)
    turbolinks (2.2.2)
      coffee-rails
    tzinfo (1.2.1)
      thread_safe (~> 0.1)
    uglifier (2.5.1)
      execjs (>= 0.3.0)
      json (>= 1.8.0)
    unicorn (4.8.3)
      kgio (~> 2.6)
      rack
      raindrops (~> 0.7)
    warden (1.2.3)
      rack (>= 1.0)
    will_paginate (3.0.7)

PLATFORMS
  ruby

DEPENDENCIES
  awesome_nested_set!
  bootstrap-sass (= 3.0.2)
  coffee-rails (~> 4.0.0)
  friendly_id!
  friendly_id-globalize!
  jbuilder (~> 2.0)
  jquery-rails
  mina
  mysql2
  paper_trail!
  quiet_assets
  rails (= 4.1.1)
  rainbows
  refinerycms!
  refinerycms-acts-as-indexed!
  refinerycms-i18n!
  refinerycms-wymeditor (~> 1.0, >= 1.0.0)
  sass-rails (~> 4.0.3)
  sdoc (~> 0.4.0)
  seo_meta!
  settingslogic (~> 2.0.9)
  spring
  sqlite3
  turbolinks
  uglifier (>= 1.3.0)
  unicorn
